GEM
  remote: https://www.rubygems.org/
  specs:
    activesupport (7.1.5.1)
      base64
      benchmark (>= 0.3)
      bigdecimal
      concurrent-ruby (~> 1.0, >= 1.0.2)
      connection_pool (>= 2.2.5)
      drb
      i18n (>= 1.6, < 2)
      logger (>= 1.4.2)
      minitest (>= 5.1)
      mutex_m
      securerandom (>= 0.3)
      tzinfo (~> 2.0)
    addressable (2.8.1)
      public_suffix (>= 2.0.2, < 6.0)
    base64 (0.2.0)
    benchmark (0.4.0)
    bigdecimal (3.1.9)
    builder (3.2.4)
    coderay (1.1.3)
    coffee-script (2.4.1)
      coffee-script-source
      execjs
    coffee-script-source (1.12.2)
    concurrent-ruby (1.3.5)
    connection_pool (2.5.0)
    contracts (0.16.1)
    dotenv (2.8.1)
    drb (2.2.1)
    erubi (1.13.1)
    execjs (2.10.0)
    fast_blank (1.0.1)
    fastimage (2.4.0)
    ffi (1.17.1)
    git (1.13.0)
      addressable (~> 2.8)
      rchardet (~> 1.8)
    haml (6.3.0)
      temple (>= 0.8.2)
      thor
      tilt
    hamster (3.0.0)
      concurrent-ruby (~> 1.0)
    hashie (5.0.0)
    i18n (1.14.7)
      concurrent-ruby (~> 1.0)
    icalendar (2.10.3)
      ice_cube (~> 0.16)
      ostruct
    ice_cube (0.17.0)
    kramdown (2.5.1)
      rexml (>= 3.3.9)
    listen (3.9.0)
      rb-fsevent (~> 0.10, >= 0.10.3)
      rb-inotify (~> 0.9, >= 0.9.10)
    logger (1.6.6)
    memoist (0.16.2)
    method_source (1.0.0)
    middleman (4.6.1)
      middleman-cli (= 4.6.1)
      middleman-core (= 4.6.1)
    middleman-cli (4.6.1)
      thor (>= 0.17.0, < 2)
    middleman-core (4.6.1)
      activesupport (>= 6.1)
      addressable (~> 2.4)
      bundler (~> 2.0)
      coffee-script (~> 2.2)
      contracts
      dotenv
      erubi
      execjs (~> 2.0)
      fast_blank
      fastimage (~> 2.0)
      haml (>= 4.0.5)
      hamster (~> 3.0)
      hashie (>= 3.4, < 6.0)
      i18n (>= 1.6, < 1.15)
      kramdown (~> 2.4)
      listen (~> 3.0)
      memoist (~> 0.14)
      padrino-helpers (~> 0.15.0)
      parallel
      rack (>= 3)
      rackup
      sassc (~> 2.0)
      servolux
      tilt (~> 2.2)
      toml
      uglifier (>= 3, < 5)
      webrick
    mini_portile2 (2.8.9)
    minitest (5.25.4)
    mutex_m (0.3.0)
    nokogiri (1.18.9)
      mini_portile2 (~> 2.8.2)
      racc (~> 1.4)
    ostruct (0.6.1)
    padrino-helpers (0.15.3)
      i18n (>= 0.6.7, < 2)
      padrino-support (= 0.15.3)
      tilt (>= 1.4.1, < 3)
    padrino-support (0.15.3)
    parallel (1.26.3)
    parslet (2.0.0)
    pry (0.15.2)
      coderay (~> 1.1)
      method_source (~> 1.0)
    public_suffix (5.0.0)
    racc (1.8.1)
    rack (3.1.16)
    rackup (2.2.1)
      rack (>= 3)
    rb-fsevent (0.11.2)
    rb-inotify (0.11.1)
      ffi (~> 1.0)
    rchardet (1.8.0)
    rexml (3.4.2)
    sassc (2.4.0)
      ffi (~> 1.9)
    securerandom (0.3.2)
    servolux (0.13.0)
    temple (0.10.3)
    thor (1.4.0)
    tilt (2.6.0)
    toml (0.3.0)
      parslet (>= 1.8.0, < 3.0.0)
    tzinfo (2.0.6)
      concurrent-ruby (~> 1.0)
    uglifier (4.2.1)
      execjs (>= 0.3.0, < 3)
    webrick (1.9.1)

PLATFORMS
  ruby

DEPENDENCIES
  builder
  git
  icalendar
  middleman
  nokogiri
  pry

RUBY VERSION
   ruby 3.4.2p28

BUNDLED WITH
   2.6.5
